GEM
  remote: http://rubygems.org/
  specs:
    awesome_print (1.0.2)
    faraday (0.8.4)
      multipart-post (~> 1.1)
    faraday_middleware (0.8.8)
      faraday (>= 0.7.4, < 0.9)
    multipart-post (1.1.5)
    shopkit (0.1.5)
      faraday (~> 0.8.1)
      faraday_middleware (~> 0.8.8)

PLATFORMS
  ruby

DEPENDENCIES
  awesome_print
  shopkit (~> 0.1.5)
