GEM
  remote: http://rubygems.org/
  specs:
    activesupport (3.2.8)
      i18n (~> 0.6)
      multi_json (~> 1.0)
    awesome_print (1.0.2)
    faraday (0.8.4)
      multipart-post (~> 1.1)
    faraday_middleware (0.8.8)
      faraday (>= 0.7.4, < 0.9)
    i18n (0.6.1)
    multi_json (1.3.6)
    multipart-post (1.1.5)
    shopkit (0.1.5)
      faraday (~> 0.8.1)
      faraday_middleware (~> 0.8.8)

PLATFORMS
  ruby

DEPENDENCIES
  activesupport
  awesome_print
  shopkit (~> 0.1.5)
